GIT
  remote: git://github.com/blambeau/alf.git
  revision: 56755274eb562ac2bf71e79c63d8943356041ef5
  specs:
    alf (0.13.0)
      backports (~> 2.6)
      epath (~> 0.4)
      myrrha (~> 1.2.2)
      quickl (~> 0.4.3)

GEM
  remote: http://rubygems.org/
  specs:
    backports (2.6.1)
    diff-lcs (1.1.3)
    epath (0.4.0)
    myrrha (1.2.2)
    quickl (0.4.3)
    rake (0.9.2.2)
    request-log-analyzer (1.12.2)
    rspec (2.10.0)
      rspec-core (~> 2.10.0)
      rspec-expectations (~> 2.10.0)
      rspec-mocks (~> 2.10.0)
    rspec-core (2.10.1)
    rspec-expectations (2.10.0)
      diff-lcs (~> 1.1.3)
    rspec-mocks (2.10.1)

PLATFORMS
  ruby

DEPENDENCIES
  alf!
  rake (~> 0.9.2)
  request-log-analyzer (~> 1.12.2)
  rspec (~> 2.10)
